GEM
  remote: https://rubygems.org/
  specs:
    activesupport (5.0.1)
      concurrent-ruby (~> 1.0, >= 1.0.2)
      i18n (~> 0.7)
      minitest (~> 5.1)
      tzinfo (~> 1.1)
    amq-protocol (2.3.0)
    bunny (2.12.1)
      amq-protocol (~> 2.3, >= 2.3.0)
    byebug (9.0.6)
    clockwork (2.0.0)
      activesupport
      tzinfo
    concurrent-ruby (1.0.4)
    dotenv (2.2.0)
    i18n (0.7.0)
    json (2.0.3)
    minitest (5.10.1)
    redis (3.3.5)
    thread_safe (0.3.6)
    tzinfo (1.2.2)
      thread_safe (~> 0.1)

PLATFORMS
  ruby

DEPENDENCIES
  bunny (~> 2.9)
  byebug
  clockwork (~> 2.0)
  dotenv (~> 2.1)
  json (~> 2.0)
  redis (~> 3.3)

RUBY VERSION
   ruby 2.4.5p335

BUNDLED WITH
   1.17.2
